GEM
  remote: https://rubygems.org/
  specs:
    actionpack (6.1.5.1)
      actionview (= 6.1.5.1)
      activesupport (= 6.1.5.1)
      rack (~> 2.0, >= 2.0.9)
      rack-test (>= 0.6.3)
      rails-dom-testing (~> 2.0)
      rails-html-sanitizer (~> 1.0, >= 1.2.0)
    actionview (6.1.5.1)
      activesupport (= 6.1.5.1)
      builder (~> 3.1)
      erubi (~> 1.4)
      rails-dom-testing (~> 2.0)
      rails-html-sanitizer (~> 1.1, >= 1.2.0)
    activesupport (6.1.5.1)
      concurrent-ruby (~> 1.0, >= 1.0.2)
      i18n (>= 1.6, < 2)
      minitest (>= 5.1)
      tzinfo (~> 2.0)
      zeitwerk (~> 2.3)
    addressable (2.8.0)
      public_suffix (>= 2.0.2, < 5.0)
    amazing_print (1.2.2)
    autoprefixer-rails (10.2.4.0)
      execjs
    bootstrap (5.0.0.beta1)
      autoprefixer-rails (>= 9.1.0)
      popper_js (>= 1.14.3, < 2)
      sassc-rails (>= 2.0.0)
    bridgetown (0.19.2)
      bridgetown-builder (= 0.19.2)
      bridgetown-core (= 0.19.2)
      bridgetown-paginate (= 0.19.2)
    bridgetown-builder (0.19.2)
      bridgetown-core (= 0.19.2)
    bridgetown-core (0.19.2)
      activesupport (~> 6.0)
      addressable (~> 2.4)
      amazing_print (~> 1.2)
      colorator (~> 1.0)
      erubi (~> 1.9)
      faraday (~> 1.0)
      faraday_middleware (~> 1.0)
      hash_with_dot_access (~> 1.0)
      i18n (~> 1.0)
      kramdown (~> 2.1)
      kramdown-parser-gfm (~> 1.0)
      liquid (~> 5.0)
      liquid-component (>= 0.1)
      listen (~> 3.0)
      pathutil (~> 0.9)
      rouge (~> 3.0)
      safe_yaml (~> 1.0)
      terminal-table (~> 1.8)
      thor (~> 1.1)
      tilt (~> 2.0)
      webrick (~> 1.7)
    bridgetown-inline-svg (1.1.1)
      bridgetown (>= 0.15, < 2.0)
      svg_optimizer (~> 0.2.5)
    bridgetown-minify-html (1.0.1)
      bridgetown (>= 0.15, < 2.0)
      htmlcompressor (>= 0.4, < 1.0)
    bridgetown-paginate (0.19.2)
      bridgetown-core (= 0.19.2)
    builder (3.2.4)
    colorator (1.1.0)
    concurrent-ruby (1.1.10)
    crass (1.0.6)
    erubi (1.10.0)
    execjs (2.7.0)
    faraday (1.3.0)
      faraday-net_http (~> 1.0)
      multipart-post (>= 1.2, < 3)
      ruby2_keywords
    faraday-net_http (1.0.1)
    faraday_middleware (1.0.0)
      faraday (~> 1.0)
    ffi (1.15.5)
    forwardable-extended (2.6.0)
    hash_with_dot_access (1.1.0)
      activesupport (>= 5.0.0, < 7.0)
    htmlcompressor (0.4.0)
    i18n (1.10.0)
      concurrent-ruby (~> 1.0)
    kramdown (2.3.1)
      rexml
    kramdown-parser-gfm (1.1.0)
      kramdown (~> 2.0)
    liquid (5.0.0)
    liquid-component (0.1.0)
      activesupport (>= 5.0)
      safe_yaml (~> 1.0)
    listen (3.4.1)
      rb-fsevent (~> 0.10, >= 0.10.3)
      rb-inotify (~> 0.9, >= 0.9.10)
    loofah (2.16.0)
      crass (~> 1.0.2)
      nokogiri (>= 1.5.9)
    method_source (1.0.0)
    mini_portile2 (2.8.0)
    minitest (5.15.0)
    multipart-post (2.1.1)
    nokogiri (1.13.6)
      mini_portile2 (~> 2.8.0)
      racc (~> 1.4)
    nokogiri (1.13.6-x86_64-linux)
      racc (~> 1.4)
    pathutil (0.16.2)
      forwardable-extended (~> 2.6)
    popper_js (1.16.0)
    public_suffix (4.0.6)
    racc (1.6.0)
    rack (2.2.3)
    rack-test (1.1.0)
      rack (>= 1.0, < 3)
    rails-dom-testing (2.0.3)
      activesupport (>= 4.2.0)
      nokogiri (>= 1.6)
    rails-html-sanitizer (1.4.2)
      loofah (~> 2.3)
    railties (6.1.5.1)
      actionpack (= 6.1.5.1)
      activesupport (= 6.1.5.1)
      method_source
      rake (>= 12.2)
      thor (~> 1.0)
    rake (13.0.6)
    rb-fsevent (0.10.4)
    rb-inotify (0.10.1)
      ffi (~> 1.0)
    rexml (3.2.5)
    rouge (3.26.0)
    ruby2_keywords (0.0.4)
    safe_yaml (1.0.5)
    sassc (2.4.0)
      ffi (~> 1.9)
    sassc-rails (2.1.2)
      railties (>= 4.0.0)
      sassc (>= 2.0)
      sprockets (> 3.0)
      sprockets-rails
      tilt
    sprockets (4.0.3)
      concurrent-ruby (~> 1.0)
      rack (> 1, < 3)
    sprockets-rails (3.4.2)
      actionpack (>= 5.2)
      activesupport (>= 5.2)
      sprockets (>= 3.0.0)
    svg_optimizer (0.2.5)
      nokogiri
    terminal-table (1.8.0)
      unicode-display_width (~> 1.1, >= 1.1.1)
    thor (1.2.1)
    tilt (2.0.10)
    tzinfo (2.0.4)
      concurrent-ruby (~> 1.0)
    unicode-display_width (1.7.0)
    webrick (1.7.0)
    zeitwerk (2.5.4)

PLATFORMS
  ruby
  x86_64-linux

DEPENDENCIES
  bootstrap (~> 5.0.0.beta1)
  bridgetown (~> 0.19.2)
  bridgetown-inline-svg (~> 1.1.0)
  bridgetown-minify-html (~> 1.0)

BUNDLED WITH
   2.2.9
